PATH
  remote: .
  specs:
    akubra_llstore_migrate (0.0.1-java)
      nokogiri
      slop

GEM
  remote: http://rubygems.org/
  specs:
    bouncy-castle-java (1.5.0146.1)
    diff-lcs (1.1.3)
    jruby-openssl (0.7.4)
      bouncy-castle-java
    nokogiri (1.5.0-java)
    rspec (2.7.0)
      rspec-core (~> 2.7.0)
      rspec-expectations (~> 2.7.0)
      rspec-mocks (~> 2.7.0)
    rspec-core (2.7.1)
    rspec-expectations (2.7.0)
      diff-lcs (~> 1.1.2)
    rspec-mocks (2.7.0)
    slop (2.4.2)

PLATFORMS
  java
  ruby

DEPENDENCIES
  akubra_llstore_migrate!
  bundler (>= 1.0.14)
  jruby-openssl
  rspec
